GEM
  remote: https://rubygems.org/
  specs:
    byebug (10.0.2)

PLATFORMS
  ruby

DEPENDENCIES
  byebug

RUBY VERSION
   ruby 2.2.0p0

BUNDLED WITH
   1.16.2
